{
  "AcquisitionMatrixPE": 70,
  "AcquisitionNumber": 1,
  "AcquisitionTime": "15:41:52.735000",
  "BandwidthPerPixelPhaseEncode": 38.873,
  "BaseResolution": 70,
  "BodyPartExamined": "HEAD",
  "ConsistencyInfo": "N4_VE11B_LATEST_20150530",
  "ConversionSoftware": "dcm2niix",
  "ConversionSoftwareVersion": "v1.0.20190410  GCC6.3.0",
  "DerivedVendorReportedEchoSpacing": 0.000489996,
  "DeviceSerialNumber": "66088",
  "DwellTime": 2.9e-06,
  "EchoTime": 0.03,
  "EchoTrainLength": 53,
  "EffectiveEchoSpacing": 0.000367497,
  "FlipAngle": 90,
  "ImageOrientationPatientDICOM": [0.999765, 0.000781231, 0.0216747, 0.00872484, 0.900438, -0.434896],
  "ImageType": [
    "ORIGINAL",
    "PRIMARY",
    "M",
    "ND",
    "NORM",
    "MOSAIC"
],
  "ImagingFrequency": 123.191,
  "InPlanePhaseEncodingDirectionDICOM": "COL",
  "InstitutionAddress": "Street_StreetNo_City_District_IR_ZIP",
  "InstitutionName": "NBML",
  "InstitutionalDepartmentName": "Department",
  "MRAcquisitionType": "2D",
  "MagneticFieldStrength": 3,
  "Manufacturer": "Siemens",
  "ManufacturersModelName": "Prisma",
  "Modality": "MR",
  "ParallelReductionFactorInPlane": 2,
  "PartialFourier": 1,
  "PatientPosition": "HFS",
  "PercentPhaseFOV": 100,
  "PhaseEncodingDirection": "j-",
  "PhaseEncodingSteps": 105,
  "PhaseOversampling": 0.5,
  "PhaseResolution": 1,
  "PixelBandwidth": 2465,
  "ProcedureStepDescription": "NBML_Project_P_96169_Ebrahiminiya-Khaliq",
  "ProtocolName": "ep2d_p2_Task_3.5_measurment:237",
  "PulseSequenceDetails": "%SiemensSeq%_ep2d_pace",
  "ReceiveCoilActiveElements": "HC1-7;NC1",
  "ReceiveCoilName": "HeadNeck_64",
  "ReconMatrixPE": 70,
  "RefLinesPE": 24,
  "RepetitionTime": 2,
  "SAR": 0.0939884,
  "ScanOptions": "FS",
  "ScanningSequence": "EP",
  "SequenceName": "_epfid2d1_70",
  "SequenceVariant": "SK_OSP",
  "SeriesDescription": "ep2d_p2_Task_3.5_measurment:237",
  "SeriesNumber": 7,
  "ShimSetting": [2612, -4506, -3221, 375, -19, -50, 53, 42],
  "SliceThickness": 3.5,
  "SliceTiming": [0.99, 0, 1.0475, 0.0575, 1.105, 0.1175, 1.165, 0.175, 1.2225, 0.2325, 1.28, 0.29, 1.34, 0.35, 1.3975, 0.4075, 1.455, 0.465, 1.515, 0.525, 1.5725, 0.5825, 1.63, 0.64, 1.6875, 0.6975, 1.7475, 0.7575, 1.805, 0.815, 1.8625, 0.8725, 1.9225, 0.9325],
  "SoftwareVersions": "syngo_MR_E11",
  "SpacingBetweenSlices": 3.85,
  "StationName": "AWP66088",
  "TaskName": "categorySelectivity",
  "TotalReadoutTime": 0.0253573,
  "TxRefAmp": 240.964,
  "dcmmeta_affine": [
    [-3.5420238971710205, 0.030910853296518326, 0.07644747197628021, 121.86128234863281],
    [-0.0027677910402417183, 3.190124988555908, -1.6746832132339478, -85.47254943847656],
    [0.07679035514593124, 1.540773868560791, 3.465846538543701, -84.56521606445312],
    [0.0, 0.0, 0.0, 1.0]
],
  "dcmmeta_reorient_transform": [
    [0.0, -1.0, 0.0, 69.0],
    [1.0, 0.0, 0.0, 0.0],
    [0.0, 0.0, 1.0, 0.0],
    [0.0, 0.0, 0.0, 1.0]
],
  "dcmmeta_shape": [70, 70, 34, 237],
  "dcmmeta_slice_dim": 2,
  "dcmmeta_version": 0.6,
  "global": {
    "const": {
      "AccessionNumber": "M.BRZ",
      "AcquisitionMatrix": [70, 0, 0, 70],
      "AngioFlag": "N",
      "BitsAllocated": 16,
      "BitsStored": 12,
      "BodyPartExamined": "HEAD",
      "Columns": 420,
      "EchoNumbers": 1,
      "EchoTime": 30.0,
      "EchoTrainLength": 53,
      "FlipAngle": 90.0,
      "HighBit": 11,
      "ImageOrientationPatient": [0.99976477090926, 0.0007812313552, 0.02167469783682, 0.00872483781122, 0.90043848882316, -0.434895855408],
      "ImagePositionPatient": [-749.25769235275, -693.40230195121, 277.94530214234],
      "ImageType": [
        "ORIGINAL",
        "PRIMARY",
        "M",
        "ND",
        "NORM",
        "MOSAIC"
],
      "ImagedNucleus": "1H",
      "ImagingFrequency": 123.191127,
      "InPlanePhaseEncodingDirection": "COL",
      "MRAcquisitionType": "2D",
      "MagneticFieldStrength": 3.0,
      "Manufacturer": "SIEMENS",
      "ManufacturerModelName": "Prisma",
      "Modality": "MR",
      "NumberOfAverages": 1.0,
      "NumberOfPhaseEncodingSteps": 105,
      "PercentPhaseFieldOfView": 100.0,
      "PercentSampling": 100.0,
      "PerformedProcedureStepStartTime": "145614.269000",
      "PhotometricInterpretation": "MONOCHROME2",
      "PixelBandwidth": 2465.0,
      "PixelRepresentation": 0,
      "PixelSpacing": [3.542857170105, 3.542857170105],
      "ProtocolName": "ep2d_p2_Task_3.5_measurment:237",
      "RepetitionTime": 2000.0,
      "Rows": 420,
      "SAR": 0.09398838999322,
      "SamplesPerPixel": 1,
      "ScanOptions": "FS",
      "ScanningSequence": "EP",
      "SequenceName": "*epfid2d1_70",
      "SequenceVariant": [
        "SK",
        "OSP"
],
      "SeriesDescription": "ep2d_p2_Task_3.5_measurment:237",
      "SeriesNumber": 7,
      "SeriesTime": "154238.710000",
      "SliceLocation": -36.528473029104,
      "SliceThickness": 3.5,
      "SmallestImagePixelValue": 0,
      "SoftwareVersions": "syngo MR E11",
      "SpacingBetweenSlices": 3.8499999419959,
      "SpecificCharacterSet": "ISO_IR 100",
      "StudyID": "1",
      "StudyTime": "145614.102000",
      "TransmitCoilName": "Body",
      "VariableFlipAngleFlag": "N",
      "WindowCenterWidthExplanation": "Algo1",
      "dBdt": 0.0},
