{
  "AcquisitionMatrixPE": 70,
  "AcquisitionNumber": 1,
  "AcquisitionTime": "15:06:31.965000",
  "BandwidthPerPixelPhaseEncode": 38.873,
  "BaseResolution": 70,
  "BodyPartExamined": "HEAD",
  "ConsistencyInfo": "N4_VE11B_LATEST_20150530",
  "ConversionSoftware": "dcm2niix",
  "ConversionSoftwareVersion": "v1.0.20190410  GCC6.3.0",
  "DerivedVendorReportedEchoSpacing": 0.000489996,
  "DeviceSerialNumber": "66088",
  "DwellTime": 2.9e-06,
  "EchoTime": 0.03,
  "EchoTrainLength": 53,
  "EffectiveEchoSpacing": 0.000367497,
  "FlipAngle": 90,
  "ImageOrientationPatientDICOM": [0.999292, 0.00503691, 0.0372854, 0.00872063, 0.933003, -0.359764],
  "ImageType": [
    "ORIGINAL",
    "PRIMARY",
    "M",
    "ND",
    "NORM",
    "MOSAIC"
],
  "ImagingFrequency": 123.191,
  "InPlanePhaseEncodingDirectionDICOM": "COL",
  "InstitutionAddress": "Street_StreetNo_City_District_IR_ZIP",
  "InstitutionName": "NBML",
  "InstitutionalDepartmentName": "Department",
  "MRAcquisitionType": "2D",
  "MagneticFieldStrength": 3,
  "Manufacturer": "Siemens",
  "ManufacturersModelName": "Prisma",
  "Modality": "MR",
  "ParallelReductionFactorInPlane": 2,
  "PartialFourier": 1,
  "PatientPosition": "HFS",
  "PercentPhaseFOV": 100,
  "PhaseEncodingDirection": "j-",
  "PhaseEncodingSteps": 105,
  "PhaseOversampling": 0.5,
  "PhaseResolution": 1,
  "PixelBandwidth": 2465,
  "ProcedureStepDescription": "NBML_Project_P_96169_Ebrahiminiya-Khaliq",
  "ProtocolName": "ep2d_p2_Task_3.5_measurment:237",
  "PulseSequenceDetails": "%SiemensSeq%_ep2d_pace",
  "ReceiveCoilActiveElements": "HC1-7;NC1",
  "ReceiveCoilName": "HeadNeck_64",
  "ReconMatrixPE": 70,
  "RefLinesPE": 24,
  "RepetitionTime": 2,
  "SAR": 0.113225,
  "ScanOptions": "FS",
  "ScanningSequence": "EP",
  "SequenceName": "_epfid2d1_70",
  "SequenceVariant": "SK_OSP",
  "SeriesDescription": "ep2d_p2_Task_3.5_measurment:237",
  "SeriesNumber": 6,
  "ShimSetting": [2592, -4461, -3213, 339, 25, -218, -38, 12],
  "SliceThickness": 3.5,
  "SliceTiming": [0.99, 0, 1.05, 0.06, 1.1075, 0.1175, 1.165, 0.175, 1.2225, 0.2325, 1.2825, 0.2925, 1.34, 0.35, 1.3975, 0.4075, 1.4575, 0.4675, 1.515, 0.525, 1.5725, 0.5825, 1.6325, 0.6425, 1.69, 0.7, 1.7475, 0.7575, 1.805, 0.815, 1.865, 0.875, 1.9225, 0.9325],
  "SoftwareVersions": "syngo_MR_E11",
  "SpacingBetweenSlices": 4.025,
  "StationName": "AWP66088",
  "TaskName": "categorySelectivity",
  "TotalReadoutTime": 0.0253573,
  "TxRefAmp": 278.018,
  "dcmmeta_affine": [
    [-3.540348768234253, 0.030895953997969627, 0.14731276035308838, 123.65088653564453],
    [-0.017845066264271736, 3.305495500564575, -1.448331594467163, -85.1257095336914],
    [0.13209670782089233, 1.2745907306671143, 3.752500534057617, -78.9910659790039],
    [0.0, 0.0, 0.0, 1.0]
],
  "dcmmeta_reorient_transform": [
    [0.0, -1.0, 0.0, 69.0],
    [1.0, 0.0, 0.0, 0.0],
    [0.0, 0.0, 1.0, 0.0],
    [0.0, 0.0, 0.0, 1.0]
],
  "dcmmeta_shape": [70, 70, 34, 237],
  "dcmmeta_slice_dim": 2,
  "dcmmeta_version": 0.6,
  "global": {
    "const": {
      "AccessionNumber": "m.brz",
      "AcquisitionMatrix": [70, 0, 0, 70],
      "AngioFlag": "N",
      "BitsAllocated": 16,
      "BitsStored": 12,
      "BodyPartExamined": "HEAD",
      "Columns": 420,
      "EchoNumbers": 1,
      "EchoTime": 30.0,
      "EchoTrainLength": 53,
      "FlipAngle": 90.0,
      "HighBit": 11,
      "ImageOrientationPatient": [0.99929196505938, 0.00503691372068, 0.03728535996778, 0.00872063230176, 0.93300276664729, -0.3597635167729],
      "ImagePositionPatient": [-750.75052009797, -724.53808609399, 208.89215337076],
      "ImageType": [
        "ORIGINAL",
        "PRIMARY",
        "M",
        "ND",
        "NORM",
        "MOSAIC"
],
      "ImagedNucleus": "1H",
      "ImagingFrequency": 123.191146,
      "InPlanePhaseEncodingDirection": "COL",
      "MRAcquisitionType": "2D",
      "MagneticFieldStrength": 3.0,
      "Manufacturer": "SIEMENS",
      "ManufacturerModelName": "Prisma",
      "Modality": "MR",
      "NumberOfAverages": 1.0,
      "NumberOfPhaseEncodingSteps": 105,
      "PercentPhaseFieldOfView": 100.0,
      "PercentSampling": 100.0,
      "PerformedProcedureStepStartTime": "143102.179000",
      "PhotometricInterpretation": "MONOCHROME2",
      "PixelBandwidth": 2465.0,
      "PixelRepresentation": 0,
      "PixelSpacing": [3.542857170105, 3.542857170105],
      "ProtocolName": "ep2d_p2_Task_3.5_measurment:237",
      "RepetitionTime": 2000.0,
      "Rows": 420,
      "SAR": 0.11322529313423,
      "SamplesPerPixel": 1,
      "ScanOptions": "FS",
      "ScanningSequence": "EP",
      "SequenceName": "*epfid2d1_70",
      "SequenceVariant": [
        "SK",
        "OSP"
],
      "SeriesDescription": "ep2d_p2_Task_3.5_measurment:237",
      "SeriesNumber": 6,
      "SeriesTime": "150643.394000",
      "SliceLocation": -38.486559235788,
      "SliceThickness": 3.5,
      "SmallestImagePixelValue": 0,
      "SoftwareVersions": "syngo MR E11",
      "SpacingBetweenSlices": 4.0250000568774,
      "SpecificCharacterSet": "ISO_IR 100",
      "StudyID": "1",
      "StudyTime": "143102.118000",
      "TransmitCoilName": "Body",
      "VariableFlipAngleFlag": "N",
      "WindowCenterWidthExplanation": "Algo1",
      "dBdt": 0.0},
