{
  "AcquisitionMatrixPE": 70,
  "AcquisitionNumber": 1,
  "AcquisitionTime": "12:55:41.317500",
  "BandwidthPerPixelPhaseEncode": 38.873,
  "BaseResolution": 70,
  "BodyPartExamined": "HEAD",
  "ConsistencyInfo": "N4_VE11B_LATEST_20150530",
  "ConversionSoftware": "dcm2niix",
  "ConversionSoftwareVersion": "v1.0.20190410  GCC6.3.0",
  "DerivedVendorReportedEchoSpacing": 0.000489996,
  "DeviceSerialNumber": "66088",
  "DwellTime": 2.9e-06,
  "EchoTime": 0.03,
  "EchoTrainLength": 53,
  "EffectiveEchoSpacing": 0.000367497,
  "FlipAngle": 90,
  "ImageOrientationPatientDICOM": [0.999122, -0.0393735, 0.0142925, 0.0418757, 0.946954, -0.31863],
  "ImageType": [
    "ORIGINAL",
    "PRIMARY",
    "M",
    "ND",
    "NORM",
    "MOSAIC"
],
  "ImagingFrequency": 123.191,
  "InPlanePhaseEncodingDirectionDICOM": "COL",
  "InstitutionAddress": "Street_StreetNo_City_District_IR_ZIP",
  "InstitutionName": "NBML",
  "InstitutionalDepartmentName": "Department",
  "MRAcquisitionType": "2D",
  "MagneticFieldStrength": 3,
  "Manufacturer": "Siemens",
  "ManufacturersModelName": "Prisma",
  "Modality": "MR",
  "ParallelReductionFactorInPlane": 2,
  "PartialFourier": 1,
  "PatientPosition": "HFS",
  "PercentPhaseFOV": 100,
  "PhaseEncodingDirection": "j-",
  "PhaseEncodingSteps": 105,
  "PhaseOversampling": 0.5,
  "PhaseResolution": 1,
  "PixelBandwidth": 2465,
  "ProcedureStepDescription": "NBML_Project_P-96169-Ebrahiminiya",
  "ProtocolName": "ep2d_p2_Task_3.5_measurment:237",
  "PulseSequenceDetails": "%SiemensSeq%_ep2d_pace",
  "ReceiveCoilActiveElements": "HC1-7",
  "ReceiveCoilName": "HeadNeck_64",
  "ReconMatrixPE": 70,
  "RefLinesPE": 24,
  "RepetitionTime": 2,
  "SAR": 0.0875599,
  "ScanOptions": "FS",
  "ScanningSequence": "EP",
  "SequenceName": "_epfid2d1_70",
  "SequenceVariant": "SK_OSP",
  "SeriesDescription": "ep2d_p2_Task_3.5_measurment:237",
  "SeriesNumber": 8,
  "ShimSetting": [2608, -4423, -3271, 192, -24, 63, -190, -1],
  "SliceThickness": 3.5,
  "SliceTiming": [0.99, 0, 1.05, 0.06, 1.1075, 0.1175, 1.165, 0.175, 1.2225, 0.2325, 1.2825, 0.2925, 1.34, 0.35, 1.3975, 0.4075, 1.4575, 0.4675, 1.515, 0.525, 1.5725, 0.5825, 1.63, 0.6425, 1.69, 0.7, 1.7475, 0.7575, 1.805, 0.815, 1.865, 0.875, 1.9225, 0.9325],
  "SoftwareVersions": "syngo_MR_E11",
  "SpacingBetweenSlices": 3.85,
  "StationName": "AWP66088",
  "TaskName": "categorySelectivity",
  "TotalReadoutTime": 0.0253573,
  "TxRefAmp": 234.269,
  "dcmmeta_affine": [
    [-3.539747714996338, 0.14835946261882782, 0.003806596389040351, 117.82808685302734],
    [0.13949471712112427, 3.354921579360962, -1.2279541492462158, -100.58063507080078],
    [0.05063622072339058, 1.1288615465164185, 3.6489195823669434, -83.33168029785156],
    [0.0, 0.0, 0.0, 1.0]
],
  "dcmmeta_reorient_transform": [
    [0.0, -1.0, 0.0, 69.0],
    [1.0, 0.0, 0.0, 0.0],
    [0.0, 0.0, 1.0, 0.0],
    [0.0, 0.0, 0.0, 1.0]
],
  "dcmmeta_shape": [70, 70, 34, 237],
  "dcmmeta_slice_dim": 2,
  "dcmmeta_version": 0.6,
  "global": {
    "const": {
      "AcquisitionMatrix": [70, 0, 0, 70],
      "AngioFlag": "N",
      "BitsAllocated": 16,
      "BitsStored": 12,
      "BodyPartExamined": "HEAD",
      "Columns": 420,
      "EchoNumbers": 1,
      "EchoTime": 30.0,
      "EchoTrainLength": 53,
      "FlipAngle": 90.0,
      "HighBit": 11,
      "ImageOrientationPatient": [0.99912234081644, -0.039373507067, 0.01429248133573, 0.04187565523932, 0.94695363482351, -0.3186302606358],
      "ImagePositionPatient": [-773.48365217861, -693.60862735469, 183.24918606654],
      "ImageType": [
        "ORIGINAL",
        "PRIMARY",
        "M",
        "ND",
        "NORM",
        "MOSAIC"
],
      "ImagedNucleus": "1H",
      "ImagingFrequency": 123.191168,
      "InPlanePhaseEncodingDirection": "COL",
      "MRAcquisitionType": "2D",
      "MagneticFieldStrength": 3.0,
      "Manufacturer": "SIEMENS",
      "ManufacturerModelName": "Prisma",
      "Modality": "MR",
      "NumberOfAverages": 1.0,
      "NumberOfPhaseEncodingSteps": 105,
      "PercentPhaseFieldOfView": 100.0,
      "PercentSampling": 100.0,
      "PerformedProcedureStepStartTime": "120203.586000",
      "PhotometricInterpretation": "MONOCHROME2",
      "PixelBandwidth": 2465.0,
      "PixelRepresentation": 0,
      "PixelSpacing": [3.542857170105, 3.542857170105],
      "ProtocolName": "ep2d_p2_Task_3.5_measurment:237",
      "RepetitionTime": 2000.0,
      "Rows": 420,
      "SAR": 0.08755992711111,
      "SamplesPerPixel": 1,
      "ScanOptions": "FS",
      "ScanningSequence": "EP",
      "SequenceName": "*epfid2d1_70",
      "SequenceVariant": [
        "SK",
        "OSP"
],
      "SeriesDescription": "ep2d_p2_Task_3.5_measurment:237",
      "SeriesNumber": 8,
      "SeriesTime": "125637.018000",
      "SliceLocation": -46.782773248146,
      "SliceThickness": 3.5,
      "SmallestImagePixelValue": 0,
      "SoftwareVersions": "syngo MR E11",
      "SpacingBetweenSlices": 3.8499999660576,
      "SpecificCharacterSet": "ISO_IR 100",
      "StudyID": "1",
      "StudyTime": "120203.425000",
      "TransmitCoilName": "Body",
      "VariableFlipAngleFlag": "N",
      "WindowCenterWidthExplanation": "Algo1",
      "dBdt": 0.0},
