{
  "AcquisitionMatrixPE": 70,
  "AcquisitionNumber": 1,
  "AcquisitionTime": "10:30:28.355000",
  "BandwidthPerPixelPhaseEncode": 38.873,
  "BaseResolution": 70,
  "BodyPartExamined": "HEAD",
  "ConsistencyInfo": "N4_VE11B_LATEST_20150530",
  "ConversionSoftware": "dcm2niix",
  "ConversionSoftwareVersion": "v1.0.20190410  GCC6.3.0",
  "DerivedVendorReportedEchoSpacing": 0.000489996,
  "DeviceSerialNumber": "66088",
  "DwellTime": 2.9e-06,
  "EchoTime": 0.03,
  "EchoTrainLength": 53,
  "EffectiveEchoSpacing": 0.000367497,
  "FlipAngle": 90,
  "ImageOrientationPatientDICOM": [0.999503, 0.0194082, 0.0248396, -0.0104672, 0.947619, -0.319231],
  "ImageType": [
    "ORIGINAL",
    "PRIMARY",
    "M",
    "ND",
    "NORM",
    "MOSAIC"
],
  "ImagingFrequency": 123.191,
  "InPlanePhaseEncodingDirectionDICOM": "COL",
  "InstitutionAddress": "Street_StreetNo_City_District_IR_ZIP",
  "InstitutionName": "NBML",
  "InstitutionalDepartmentName": "Department",
  "MRAcquisitionType": "2D",
  "MagneticFieldStrength": 3,
  "Manufacturer": "Siemens",
  "ManufacturersModelName": "Prisma",
  "Modality": "MR",
  "ParallelReductionFactorInPlane": 2,
  "PartialFourier": 1,
  "PatientPosition": "HFS",
  "PercentPhaseFOV": 100,
  "PhaseEncodingDirection": "j-",
  "PhaseEncodingSteps": 105,
  "PhaseOversampling": 0.5,
  "PhaseResolution": 1,
  "PixelBandwidth": 2465,
  "ProcedureStepDescription": "NBML_Project_P-96169-Ebrahiminiya",
  "ProtocolName": "ep2d_p2_Task_3.5_measurment:237",
  "PulseSequenceDetails": "%SiemensSeq%_ep2d_pace",
  "ReceiveCoilActiveElements": "HC1-7",
  "ReceiveCoilName": "HeadNeck_64",
  "ReconMatrixPE": 70,
  "RefLinesPE": 24,
  "RepetitionTime": 2,
  "SAR": 0.0917256,
  "ScanOptions": "FS",
  "ScanningSequence": "EP",
  "SequenceName": "_epfid2d1_70",
  "SequenceVariant": "SK_OSP",
  "SeriesDescription": "ep2d_p2_Task_3.5_measurment:237",
  "SeriesNumber": 5,
  "ShimSetting": [2604, -4452, -3250, 405, -56, 89, -80, 21],
  "SliceThickness": 3.5,
  "SliceTiming": [0.99, 0, 1.0475, 0.0575, 1.105, 0.115, 1.165, 0.175, 1.2225, 0.2325, 1.28, 0.29, 1.34, 0.35, 1.3975, 0.4075, 1.455, 0.465, 1.5125, 0.5225, 1.5725, 0.5825, 1.63, 0.64, 1.6875, 0.6975, 1.7475, 0.7575, 1.805, 0.815, 1.8625, 0.8725, 1.9225, 0.9325],
  "SoftwareVersions": "syngo_MR_E11",
  "SpacingBetweenSlices": 3.85,
  "StationName": "AWP66088",
  "TaskName": "categorySelectivity",
  "TotalReadoutTime": 0.0253573,
  "TxRefAmp": 231.029,
  "dcmmeta_affine": [
    [-3.5410964488983154, -0.03708377853035927, 0.11447670310735703, 121.81100463867188],
    [-0.06876049190759659, 3.357278823852539, -1.227428913116455, -88.25314331054688],
    [0.0880032554268837, 1.1309911012649536, 3.6473021507263184, -72.62296295166016],
    [0.0, 0.0, 0.0, 1.0]
],
  "dcmmeta_reorient_transform": [
    [0.0, -1.0, 0.0, 69.0],
    [1.0, 0.0, 0.0, 0.0],
    [0.0, 0.0, 1.0, 0.0],
    [0.0, 0.0, 0.0, 1.0]
],
  "dcmmeta_shape": [70, 70, 34, 237],
  "dcmmeta_slice_dim": 2,
  "dcmmeta_version": 0.6,
  "global": {
    "const": {
      "AccessionNumber": "M.BRZ",
      "AcquisitionMatrix": [70, 0, 0, 70],
      "AngioFlag": "N",
      "BitsAllocated": 16,
      "BitsStored": 12,
      "BodyPartExamined": "HEAD",
      "Columns": 420,
      "EchoNumbers": 1,
      "EchoTime": 30.0,
      "EchoTrainLength": 53,
      "FlipAngle": 90.0,
      "HighBit": 11,
      "ImageOrientationPatient": [0.99950303379017, 0.01940820286715, 0.02483962772892, -0.0104671957802, 0.94761900618691, -0.3192313532939],
      "ImagePositionPatient": [-732.45445168951, -742.95596765175, 187.93829602974],
      "ImageType": [
        "ORIGINAL",
        "PRIMARY",
        "M",
        "ND",
        "NORM",
        "MOSAIC"
],
      "ImagedNucleus": "1H",
      "ImagingFrequency": 123.191118,
      "InPlanePhaseEncodingDirection": "COL",
      "MRAcquisitionType": "2D",
      "MagneticFieldStrength": 3.0,
      "Manufacturer": "SIEMENS",
      "ManufacturerModelName": "Prisma",
      "Modality": "MR",
      "NumberOfAverages": 1.0,
      "NumberOfPhaseEncodingSteps": 105,
      "PercentPhaseFieldOfView": 100.0,
      "PercentSampling": 100.0,
      "PerformedProcedureStepStartTime": "100253.755000",
      "PhotometricInterpretation": "MONOCHROME2",
      "PixelBandwidth": 2465.0,
      "PixelRepresentation": 0,
      "PixelSpacing": [3.542857170105, 3.542857170105],
      "ProtocolName": "ep2d_p2_Task_3.5_measurment:237",
      "RepetitionTime": 2000.0,
      "Rows": 420,
      "SAR": 0.09172556813988,
      "SamplesPerPixel": 1,
      "ScanOptions": "FS",
      "ScanningSequence": "EP",
      "SequenceName": "*epfid2d1_70",
      "SequenceVariant": [
        "SK",
        "OSP"
],
      "SeriesDescription": "ep2d_p2_Task_3.5_measurment:237",
      "SeriesNumber": 5,
      "SeriesTime": "103121.580000",
      "SliceLocation": -37.04127277755,
      "SliceThickness": 3.5,
      "SmallestImagePixelValue": 0,
      "SoftwareVersions": "syngo MR E11",
      "SpacingBetweenSlices": 3.8499999060624,
      "SpecificCharacterSet": "ISO_IR 100",
      "StudyID": "1",
      "StudyTime": "100253.679000",
      "TransmitCoilName": "Body",
      "VariableFlipAngleFlag": "N",
      "WindowCenterWidthExplanation": "Algo1",
      "dBdt": 0.0},
