{
  "AcquisitionMatrixPE": 288,
  "AcquisitionNumber": 1,
  "AcquisitionTime": "14:41:17.442500",
  "BaseResolution": 288,
  "BodyPartExamined": "HEAD",
  "ConsistencyInfo": "N4_VE11B_LATEST_20150530",
  "ConversionSoftware": "dcm2niix",
  "ConversionSoftwareVersion": "v1.0.20190410  GCC6.3.0",
  "DeviceSerialNumber": "66088",
  "DwellTime": 8.7e-06,
  "EchoTime": 0.00241,
  "FlipAngle": 8,
  "ImageOrientationPatientDICOM": [0.097534, 0.995232, 3.46106e-08, 0.00526327, -0.000515772, -0.999986],
  "ImageType": [
    "ORIGINAL",
    "PRIMARY",
    "M",
    "ND",
    "NORM",
    "FM1",
 "3",
    "FIL"
],
  "ImagingFrequency": 123.191,
  "InPlanePhaseEncodingDirectionDICOM": "ROW",
  "InstitutionAddress": "Street_StreetNo_City_District_IR_ZIP",
  "InstitutionName": "NBML",
  "InstitutionalDepartmentName": "Department",
  "InversionTime": 0.9,
  "MRAcquisitionType": "3D",
  "MagneticFieldStrength": 3,
  "Manufacturer": "Siemens",
  "ManufacturersModelName": "Prisma",
  "Modality": "MR",
  "PartialFourier": 0.75,
  "PatientPosition": "HFS",
  "PercentPhaseFOV": 100,
  "PhaseEncodingSteps": 215,
  "PhaseResolution": 1,
  "PixelBandwidth": 200,
  "ProcedureStepDescription": "NBML_Project_P_96169_Ebrahiminiya-Khaliq",
  "ProtocolName": "t1_mprage_sag_p2_iso",
  "PulseSequenceDetails": "%SiemensSeq%_tfl",
  "ReceiveCoilActiveElements": "HC1-7;NC1",
  "ReceiveCoilName": "HeadNeck_64",
  "ReconMatrixPE": 288,
  "RefLinesPE": 24,
  "RepetitionTime": 1.8,
  "SAR": 0.0579917,
  "ScanOptions": "IR_PFP",
  "ScanningSequence": "GR_IR",
  "SequenceName": "_tfl3d1_16ns",
  "SequenceVariant": "SK_SP_MP",
  "SeriesDescription": "t1_mprage_sag_p2_iso",
  "SeriesNumber": 2,
  "ShimSetting": [2609, -4469, -3522, 56, -7, 76, -30, -8],
  "SliceThickness": 0.8,
  "SoftwareVersions": "syngo_MR_E11",
  "StationName": "AWP66088",
  "TxRefAmp": 220.255,
  "dcmmeta_affine": [
    [0.7961745858192444, 0.08127829432487488, 0.004386058077216148, -93.44497680664062],
    [-0.07802607119083405, 0.8293601274490356, -0.00042980999569408596, -90.44735717773438],
    [-0.004230784252285957, -2.8842142896223777e-08, 0.8333216309547424, -121.39736938476562],
    [0.0, 0.0, 0.0, 1.0]
],
  "dcmmeta_reorient_transform": [
    [0.0, 0.0, -1.0, 287.0],
    [0.0, -1.0, 0.0, 287.0],
    [-1.0, 0.0, 0.0, 207.0],
    [0.0, 0.0, 0.0, 1.0]
],
  "dcmmeta_shape": [208, 288, 288],
  "dcmmeta_slice_dim": 0,
  "dcmmeta_version": 0.6,
  "global": {
    "const": {
      "AccessionNumber": "M.BRZ",
      "AcquisitionMatrix": [0, 288, 288, 0],
      "AcquisitionNumber": 1,
      "AcquisitionTime": "144117.442500",
      "AngioFlag": "N",
      "BitsAllocated": 16,
      "BitsStored": 12,
      "BodyPartExamined": "HEAD",
      "Columns": 288,
      "EchoNumbers": 1,
      "EchoTime": 2.41,
      "EchoTrainLength": 1,
      "FlipAngle": 8.0,
      "HighBit": 11,
      "ImageOrientationPatient": [0.09753395898492, 0.99523219745179, 3.4610573e-08, 0.00526326961696, -0.000515772012, -0.9999860158883],
      "ImageType": [
        "ORIGINAL",
        "PRIMARY",
        "M",
        "ND",
        "NORM",
        "FM1_3",
        "FIL"
],
      "ImagedNucleus": "1H",
      "ImagingFrequency": 123.191208,
      "InPlanePhaseEncodingDirection": "ROW",
      "InversionTime": 900.0,
      "MRAcquisitionType": "3D",
      "MagneticFieldStrength": 3.0,
      "Manufacturer": "SIEMENS",
      "ManufacturerModelName": "Prisma",
      "Modality": "MR",
      "NumberOfAverages": 1.0,
      "NumberOfPhaseEncodingSteps": 215,
      "PercentPhaseFieldOfView": 100.0,
      "PercentSampling": 100.0,
      "PerformedProcedureStepStartTime": "144004.422000",
      "PhotometricInterpretation": "MONOCHROME2",
      "PixelBandwidth": 200.0,
      "PixelRepresentation": 0,
      "PixelSpacing": [0.83333331346512, 0.83333331346512],
      "ProtocolName": "t1_mprage_sag_p2_iso",
      "RepetitionTime": 1800.0,
      "Rows": 288,
      "SAR": 0.05799173828902,
      "SamplesPerPixel": 1,
      "ScanOptions": [
        "IR",
        "PFP"
],
      "ScanningSequence": [
        "GR",
        "IR"
],
      "SequenceName": "*tfl3d1_16ns",
      "SequenceVariant": [
        "SK",
        "SP",
        "MP"
],
      "SeriesDescription": "t1_mprage_sag_p2_iso",
      "SeriesNumber": 2,
      "SeriesTime": "144501.993000",
      "SliceThickness": 0.79999995231628,
      "SmallestImagePixelValue": 0,
      "SoftwareVersions": "syngo MR E11",
      "SpecificCharacterSet": "ISO_IR 100",
      "StudyID": "1",
      "StudyTime": "144004.272000",
      "TransmitCoilName": "Body",
      "VariableFlipAngleFlag": "N",
      "WindowCenterWidthExplanation": "Algo1",
      "dBdt": 0.0},
