{"TaskName": "task-categorySelectivity", "InstitutionName": "National Brain mapping Lab, Tehran, Iran", "SamplingFrequency": 1200, "EEGChannelCount": 68, "EOGChannelCount": 3, "ECGChannelCount": 0, "EMGChannelCount": 0, "MiscChannelCount": 0, "TriggerChannelCount": 1, "PowerLineFrequency": 50, "EEGPlacementScheme": "10 percent system", "EEGReference": "single electrode placed on A2", "EEGGround": "placed on Fpz", "SoftwareFilters": "n/a", "HardwareFilters": "n/a", "RecordingType": "continuous"}