{
  "AcquisitionMatrixPE": 70,
  "AcquisitionNumber": 1,
  "AcquisitionTime": "09:00:36.505000",
  "BandwidthPerPixelPhaseEncode": 38.873,
  "BaseResolution": 70,
  "BodyPartExamined": "HEAD",
  "ConsistencyInfo": "N4_VE11B_LATEST_20150530",
  "ConversionSoftware": "dcm2niix",
  "ConversionSoftwareVersion": "v1.0.20190410  GCC6.3.0",
  "DerivedVendorReportedEchoSpacing": 0.000489996,
  "DeviceSerialNumber": "66088",
  "DwellTime": 2.9e-06,
  "EchoTime": 0.03,
  "EchoTrainLength": 53,
  "EffectiveEchoSpacing": 0.000367497,
  "FlipAngle": 90,
  "ImageOrientationPatientDICOM": [0.998896, 0.0390918, -0.0260623, -0.0453596, 0.946965, -0.318118],
  "ImageType": [
    "ORIGINAL",
    "PRIMARY",
    "M",
    "ND",
    "NORM",
    "MOSAIC"
],
  "ImagingFrequency": 123.191,
  "InPlanePhaseEncodingDirectionDICOM": "COL",
  "InstitutionAddress": "Street_StreetNo_City_District_IR_ZIP",
  "InstitutionName": "Hospital",
  "InstitutionalDepartmentName": "Department",
  "MRAcquisitionType": "2D",
  "MagneticFieldStrength": 3,
  "Manufacturer": "Siemens",
  "ManufacturersModelName": "Prisma",
  "Modality": "MR",
  "ParallelReductionFactorInPlane": 2,
  "PartialFourier": 1,
  "PatientPosition": "HFS",
  "PercentPhaseFOV": 100,
  "PhaseEncodingDirection": "j-",
  "PhaseEncodingSteps": 105,
  "PhaseOversampling": 0.5,
  "PhaseResolution": 1,
  "PixelBandwidth": 2465,
  "ProcedureStepDescription": "NBML_Project_P-95001-Shirvaliloo",
  "ProtocolName": "ep2d_p2_Task_3.5_measurment:237",
  "PulseSequenceDetails": "%SiemensSeq%_ep2d_pace",
  "ReceiveCoilActiveElements": "HC1-7;NC1",
  "ReceiveCoilName": "HeadNeck_64",
  "ReconMatrixPE": 70,
  "RefLinesPE": 24,
  "RepetitionTime": 2,
  "SAR": 0.0878166,
  "ScanOptions": "FS",
  "ScanningSequence": "EP",
  "SequenceName": "_epfid2d1_70",
  "SequenceVariant": "SK_OSP",
  "SeriesDescription": "ep2d_p2_Task_3.5_measurment:237",
  "SeriesNumber": 4,
  "ShimSetting": [2613, -4501, -3227, 516, 63, -2, 7, -24],
  "SliceThickness": 3.5,
  "SliceTiming": [0.99, 0, 1.0475, 0.0575, 1.105, 0.115, 1.1625, 0.175, 1.2225, 0.2325, 1.28, 0.29, 1.3375, 0.3475, 1.3975, 0.4075, 1.455, 0.465, 1.5125, 0.5225, 1.5725, 0.5825, 1.63, 0.64, 1.6875, 0.6975, 1.745, 0.755, 1.805, 0.815, 1.8625, 0.8725, 1.92, 0.93],
  "SoftwareVersions": "syngo_MR_E11",
  "SpacingBetweenSlices": 3.85,
  "StationName": "AWP66088",
  "TaskName": "categorySelectivity",
  "TotalReadoutTime": 0.0253573,
  "TxRefAmp": 234.708,
  "dcmmeta_affine": [
    [-3.538944721221924, -0.16070258617401123, -0.047140587121248245, 129.1709442138672],
    [-0.1384967565536499, 3.3549628257751465, -1.2279541492462158, -90.27825927734375],
    [-0.09233514964580536, 1.1270475387573242, 3.6486170291900635, -80.58671569824219],
    [0.0, 0.0, 0.0, 1.0]
],
  "dcmmeta_reorient_transform": [
    [0.0, -1.0, 0.0, 69.0],
    [1.0, 0.0, 0.0, 0.0],
    [0.0, 0.0, 1.0, 0.0],
    [0.0, 0.0, 0.0, 1.0]
],
  "dcmmeta_shape": [70, 70, 34, 237],
  "dcmmeta_slice_dim": 2,
  "dcmmeta_version": 0.6,
  "global": {
    "const": {
      "AccessionNumber": "MB",
      "AcquisitionMatrix": [70, 0, 0, 70],
      "AngioFlag": "N",
      "BitsAllocated": 16,
      "BitsStored": 12,
      "BodyPartExamined": "HEAD",
      "Columns": 420,
      "EchoNumbers": 1,
      "EchoTime": 30.0,
      "EchoTrainLength": 53,
      "FlipAngle": 90.0,
      "HighBit": 11,
      "ImageOrientationPatient": [0.99889568197765, 0.03909182723234, -0.0260623400722, -0.0453596015722, 0.94696530059363, -0.3181182579118],
      "ImagePositionPatient": [-709.27483838186, -752.56959536893, 210.57153416686],
      "ImageType": [
        "ORIGINAL",
        "PRIMARY",
        "M",
        "ND",
        "NORM",
        "MOSAIC"
],
      "ImagedNucleus": "1H",
      "ImagingFrequency": 123.191172,
      "InPlanePhaseEncodingDirection": "COL",
      "MRAcquisitionType": "2D",
      "MagneticFieldStrength": 3.0,
      "Manufacturer": "SIEMENS",
      "ManufacturerModelName": "Prisma",
      "Modality": "MR",
      "NumberOfAverages": 1.0,
      "NumberOfPhaseEncodingSteps": 105,
      "PercentPhaseFieldOfView": 100.0,
      "PercentSampling": 100.0,
      "PerformedProcedureStepStartTime": "084313.184000",
      "PhotometricInterpretation": "MONOCHROME2",
      "PixelBandwidth": 2465.0,
      "PixelRepresentation": 0,
      "PixelSpacing": [3.542857170105, 3.542857170105],
      "ProtocolName": "ep2d_p2_Task_3.5_measurment:237",
      "RepetitionTime": 2000.0,
      "Rows": 420,
      "SAR": 0.0878165488485,
      "SamplesPerPixel": 1,
      "ScanOptions": "FS",
      "ScanningSequence": "EP",
      "SequenceName": "*epfid2d1_70",
      "SequenceVariant": [
        "SK",
        "OSP"
],
      "SeriesDescription": "ep2d_p2_Task_3.5_measurment:237",
      "SeriesNumber": 4,
      "SeriesTime": "090118.213000",
      "SliceLocation": -49.158884188097,
      "SliceThickness": 3.5,
      "SmallestImagePixelValue": 0,
      "SoftwareVersions": "syngo MR E11",
      "SpacingBetweenSlices": 3.8500000907346,
      "SpecificCharacterSet": "ISO_IR 100",
      "StudyID": "1",
      "StudyTime": "084313.040000",
      "TransmitCoilName": "Body",
      "VariableFlipAngleFlag": "N",
      "WindowCenterWidthExplanation": "Algo1",
      "dBdt": 0.0},
